GEM
  remote: https://rubygems.org/
  specs:
    vault (0.4.0)

PLATFORMS
  ruby

DEPENDENCIES
  vault

BUNDLED WITH
   1.12.1
