GEM
  remote: https://rubygems.org/
  specs:
    rake (10.4.2)
    vault (0.4.0)

PLATFORMS
  ruby

DEPENDENCIES
  rake
  vault

BUNDLED WITH
   1.12.1
