GEM
  remote: https://rubygems.org/
  specs:
    addressable (2.4.0)
    crack (0.4.3)
      safe_yaml (~> 1.0.0)
    hashdiff (0.3.0)
    maxitest (2.0.1)
      minitest (>= 5.0.0, < 5.10.0)
    minitest (5.9.0)
    safe_yaml (1.0.4)
    vault (0.4.0)
    webmock (2.0.3)
      addressable (>= 2.3.6)
      crack (>= 0.3.2)
      hashdiff

PLATFORMS
  ruby

DEPENDENCIES
  maxitest
  vault
  webmock
